GEM
  remote: https://rubygems.org/
  specs:
    ast (2.4.0)
    concurrent-ruby (1.0.5)
    execjs (2.7.0)
    ffi (1.9.25)
    hike (1.2.3)
    htmlcompressor (0.4.0)
    inesita (0.8.1)
      listen (~> 3.0)
      opal (>= 0.10.4, < 0.12)
      opal-sprockets (~> 0)
      opal-virtual-dom (~> 0.6.0)
      rack-rewrite (~> 1.5)
      thor (~> 0.19)
    inesita-livereload (0.1.0)
      listen (~> 3.0)
      opal (~> 0.9)
      websocket (~> 1.0)
    inesita-router (0.2.1)
      inesita (~> 0.8.0)
    listen (3.1.5)
      rb-fsevent (~> 0.9, >= 0.9.4)
      rb-inotify (~> 0.9, >= 0.9.7)
      ruby_dep (~> 1.2)
    opal (0.11.3)
      ast (>= 2.3.0)
      hike (~> 1.2)
      parser (= 2.3.3.1)
      sourcemap (~> 0.1.0)
    opal-sprockets (0.4.1.0.11.0.3.1)
      opal (~> 0.11.0)
      sprockets (~> 3.1)
      tilt (>= 1.4)
    opal-virtual-dom (0.6.0)
      opal (~> 0)
    parser (2.3.3.1)
      ast (~> 2.2)
    rack (2.0.5)
    rack-rewrite (1.5.1)
    rb-fsevent (0.10.3)
    rb-inotify (0.9.10)
      ffi (>= 0.5.0, < 2)
    ruby_dep (1.5.0)
    sass (3.6.0)
      sass-listen (~> 4.0.0)
    sass-listen (4.0.0)
      rb-fsevent (~> 0.9, >= 0.9.4)
      rb-inotify (~> 0.9, >= 0.9.7)
    slim (4.0.1)
      temple (>= 0.7.6, < 0.9)
      tilt (>= 2.0.6, < 2.1)
    sourcemap (0.1.1)
    sprockets (3.7.2)
      concurrent-ruby (~> 1.0)
      rack (> 1, < 3)
    temple (0.8.0)
    thor (0.20.0)
    tilt (2.0.8)
    uglifier (4.1.19)
      execjs (>= 0.3.0, < 3)
    websocket (1.2.8)

PLATFORMS
  ruby

DEPENDENCIES
  htmlcompressor
  inesita (~> 0.8.0)
  inesita-livereload (~> 0.1.0)
  inesita-router (~> 0.2.0)
  opal-sprockets (~> 0.4.1.0.11.0.3.1)
  sass
  slim
  uglifier

BUNDLED WITH
   1.16.1
