GEM
  remote: https://rubygems.org/
  specs:
    concurrent-ruby (1.0.5)
    execjs (2.7.0)
    ffi (1.9.18)
    hike (1.2.3)
    htmlcompressor (0.4.0)
    inesita (0.6.1)
      listen (~> 3.0)
      opal (>= 0.9, < 0.11)
      opal-virtual-dom (~> 0.5.0)
      rack-rewrite (~> 1.5)
      sass (~> 3.4)
      slim (~> 3.0)
      thor (~> 0.19)
    inesita-livereload (0.1.0)
      listen (~> 3.0)
      opal (~> 0.9)
      websocket (~> 1.0)
    inesita-router (0.1.0)
      inesita (~> 0.6.0)
      opal (~> 0.10)
    listen (3.1.5)
      rb-fsevent (~> 0.9, >= 0.9.4)
      rb-inotify (~> 0.9, >= 0.9.7)
      ruby_dep (~> 1.2)
    opal (0.10.5)
      hike (~> 1.2)
      sourcemap (~> 0.1.0)
      sprockets (~> 3.1)
      tilt (>= 1.4)
    opal-virtual-dom (0.5.1)
      opal
    rack (2.0.3)
    rack-rewrite (1.5.1)
    rb-fsevent (0.10.2)
    rb-inotify (0.9.10)
      ffi (>= 0.5.0, < 2)
    ruby_dep (1.5.0)
    sass (3.5.4)
      sass-listen (~> 4.0.0)
    sass-listen (4.0.0)
      rb-fsevent (~> 0.9, >= 0.9.4)
      rb-inotify (~> 0.9, >= 0.9.7)
    slim (3.0.9)
      temple (>= 0.7.6, < 0.9)
      tilt (>= 1.3.3, < 2.1)
    sourcemap (0.1.1)
    sprockets (3.7.1)
      concurrent-ruby (~> 1.0)
      rack (> 1, < 3)
    temple (0.8.0)
    thor (0.20.0)
    tilt (2.0.8)
    uglifier (4.1.1)
      execjs (>= 0.3.0, < 3)
    websocket (1.2.5)

PLATFORMS
  ruby

DEPENDENCIES
  htmlcompressor
  inesita (~> 0.6.0)
  inesita-livereload (~> 0.1.0)
  inesita-router (~> 0.1.0)
  uglifier

BUNDLED WITH
   1.16.0
