GEM
  remote: https://rubygems.org/
  specs:
    ast (2.4.2)
    execjs (2.8.1)
    ffi (1.15.5)
    htmlcompressor (0.4.0)
    inesita (1.0.pre.6)
      listen (~> 3.0)
      opal (~> 1.0)
      opal-virtual-dom (~> 0.6.1)
      rack (~> 2.0)
      thor (~> 1.2)
    inesita-livereload (0.1.1)
      listen (~> 3.0)
      opal (~> 1.0)
      websocket (~> 1.0)
    inesita-router (0.4.0.pre.2)
      inesita (~> 1.0.pre)
    listen (3.8.0)
      rb-fsevent (~> 0.10, >= 0.10.3)
      rb-inotify (~> 0.9, >= 0.9.10)
    nio4r (2.5.9)
    opal (1.7.3)
      ast (>= 2.3.0)
      parser (~> 3.0, >= 3.0.3.2)
    opal-virtual-dom (0.6.1)
      opal (> 0)
    parser (3.2.2.1)
      ast (~> 2.4.1)
    puma (6.3.1)
      nio4r (~> 2.0)
    rack (2.2.7)
    rake (13.0.6)
    rb-fsevent (0.11.2)
    rb-inotify (0.10.1)
      ffi (~> 1.0)
    sass (3.7.4)
      sass-listen (~> 4.0.0)
    sass-listen (4.0.0)
      rb-fsevent (~> 0.9, >= 0.9.4)
      rb-inotify (~> 0.9, >= 0.9.7)
    slim (5.1.1)
      temple (~> 0.10.0)
      tilt (>= 2.1.0)
    temple (0.10.1)
    thor (1.2.2)
    tilt (2.1.0)
    uglifier (4.2.0)
      execjs (>= 0.3.0, < 3)
    websocket (1.2.9)

PLATFORMS
  arm64-darwin-22
  x86_64-darwin-22
  x86_64-linux

DEPENDENCIES
  htmlcompressor
  inesita (~> 1.0.pre)
  inesita-livereload (~> 0.1.1)
  inesita-router (~> 0.4.pre)
  puma
  rake
  sass
  slim
  uglifier

BUNDLED WITH
   2.4.12
